GEM
  remote: https://rubygems.org/
  specs:
    addressable (2.6.0)
      public_suffix (>= 2.0.2, < 4.0)
    amq-protocol (2.3.0)
    backports (3.13.0)
    bunny (2.14.1)
      amq-protocol (~> 2.3, >= 2.3.0)
    coffee-script (2.2.0)
      coffee-script-source
      execjs
    coffee-script-source (1.12.2)
    concurrent-ruby (1.1.5)
    daemons (1.3.1)
    dashing (1.3.7)
      coffee-script (~> 2.2.0)
      execjs (~> 2.0.2)
      rack (~> 1.5.4)
      rufus-scheduler (~> 2.0.24)
      sass (~> 3.2.12)
      sinatra (~> 1.4.4)
      sinatra-contrib (~> 1.4.2)
      sprockets (~> 2.10.1)
      thin (~> 1.6.1)
      thor (> 0.18.1)
    declarative (0.0.10)
    declarative-option (0.1.0)
    diff-lcs (1.3)
    digest-crc (0.4.1)
    eventmachine (1.2.7)
    execjs (2.0.2)
    faraday (0.15.4)
      multipart-post (>= 1.2, < 3)
    google-api-client (0.28.7)
      addressable (~> 2.5, >= 2.5.1)
      googleauth (>= 0.5, < 0.10.0)
      httpclient (>= 2.8.1, < 3.0)
      mime-types (~> 3.0)
      representable (~> 3.0)
      retriable (>= 2.0, < 4.0)
      signet (~> 0.10)
    google-cloud-core (1.3.0)
      google-cloud-env (~> 1.0)
    google-cloud-env (1.0.5)
      faraday (~> 0.11)
    google-cloud-storage (1.17.0)
      digest-crc (~> 0.4)
      google-api-client (~> 0.26)
      google-cloud-core (~> 1.2)
      googleauth (>= 0.6.2, < 0.10.0)
    googleauth (0.8.1)
      faraday (~> 0.12)
      jwt (>= 1.4, < 3.0)
      memoist (~> 0.16)
      multi_json (~> 1.11)
      os (>= 0.9, < 2.0)
      signet (~> 0.7)
    hike (1.2.3)
    httparty (0.16.4)
      mime-types (~> 3.0)
      multi_xml (>= 0.5.2)
    httpclient (2.8.3)
    json-schema (2.8.1)
      addressable (>= 2.4)
    jwt (2.1.0)
    libv8 (3.16.14.19)
    memoist (0.16.0)
    mime-types (3.2.2)
      mime-types-data (~> 3.2015)
    mime-types-data (3.2019.0331)
    multi_json (1.13.1)
    multi_xml (0.6.0)
    multipart-post (2.0.0)
    os (1.0.0)
    public_suffix (3.0.3)
    rack (1.5.5)
    rack-protection (1.5.5)
      rack
    rack-test (1.1.0)
      rack (>= 1.0, < 3)
    ref (2.0.0)
    representable (3.0.4)
      declarative (< 0.1.0)
      declarative-option (< 0.2.0)
      uber (< 0.2.0)
    retriable (3.1.2)
    rspec-expectations (3.8.2)
      diff-lcs (>= 1.2.0, < 2.0)
      rspec-support (~> 3.8.0)
    rspec-support (3.8.0)
    rufus-scheduler (2.0.24)
      tzinfo (>= 0.3.22)
    sass (3.2.19)
    signet (0.11.0)
      addressable (~> 2.3)
      faraday (~> 0.9)
      jwt (>= 1.5, < 3.0)
      multi_json (~> 1.10)
    sinatra (1.4.8)
      rack (~> 1.5)
      rack-protection (~> 1.4)
      tilt (>= 1.3, < 3)
    sinatra-contrib (1.4.7)
      backports (>= 2.0)
      multi_json
      rack-protection
      rack-test
      sinatra (~> 1.4.0)
      tilt (>= 1.3, < 3)
    sprockets (2.10.2)
      hike (~> 1.2)
      multi_json (~> 1.0)
      rack (~> 1.0)
      tilt (~> 1.1, != 1.3.0)
    swagger-diff (1.1.2)
      json-schema (~> 2.6)
      rspec-expectations (~> 3.3)
    therubyracer (0.12.3)
      libv8 (~> 3.16.14.15)
      ref
    thin (1.6.4)
      daemons (~> 1.0, >= 1.0.9)
      eventmachine (~> 1.0, >= 1.0.4)
      rack (~> 1.0)
    thor (0.20.3)
    tilt (1.4.1)
    tzinfo (2.0.0)
      concurrent-ruby (~> 1.0)
    uber (0.1.0)

PLATFORMS
  ruby

DEPENDENCIES
  bunny
  dashing (>= 1.3.4)
  execjs
  google-cloud-storage
  httparty
  rack (>= 1.5.2)
  swagger-diff
  therubyracer

BUNDLED WITH
   1.14.6
